PATH
  remote: .
  specs:
    release_assistant (0.3.3.alpha)

GEM
  remote: https://rubygems.org/
  specs:

PLATFORMS
  ruby

DEPENDENCIES
  release_assistant!

BUNDLED WITH
   2.2.8
